GEM
  remote: https://rubygems.org/
  specs:
    fswatch (0.0.5)
      rb-fsevent
      term-ansicolor
      trollop
    pandoc (0.0.1)
    pandoc-ruby (2.1.4)
    rb-fsevent (0.10.4)
    slim (4.1.0)
      temple (>= 0.7.6, < 0.9)
      tilt (>= 2.0.6, < 2.1)
    sync (0.5.0)
    temple (0.8.2)
    term-ansicolor (1.7.1)
      tins (~> 1.0)
    tilt (2.0.10)
    tins (1.25.0)
      sync
    trollop (2.9.10)

PLATFORMS
  ruby

DEPENDENCIES
  fswatch (~> 0.0.5)
  pandoc (~> 0.0.1)
  pandoc-ruby (~> 2.1)
  slim (~> 4.1)

BUNDLED WITH
   2.1.2
